GEM
  remote: http://rubygems.org/
  specs:
    addressable (2.3.8)
    daemons (1.2.3)
    em-websocket (0.3.8)
      addressable (>= 2.1.1)
      eventmachine (>= 0.12.9)
    eventmachine (1.0.8)
    json (1.8.3)
    rack (1.6.4)
    ruby-hmac (0.4.0)
    socky-authenticator (0.5.0)
      json
      ruby-hmac
    socky-server (0.5.0)
      json
      socky-authenticator (~> 0.5.0)
      websocket-rack (>= 0.3.2)
    thin (1.6.4)
      daemons (~> 1.0, >= 1.0.9)
      eventmachine (~> 1.0, >= 1.0.4)
      rack (~> 1.0)
    websocket-rack (0.4.0)
      em-websocket (~> 0.3.6)
      eventmachine (~> 1.0.0.beta.4)
      rack
      thin

PLATFORMS
  ruby

DEPENDENCIES
  socky-server (= 0.5.0)

BUNDLED WITH
   1.10.6
